PATH
  remote: .
  specs:
    terminal (2.0.0)

GEM
  remote: https://rubygems.org/
  specs:
    benchmark-ips (2.12.0)
    diff-lcs (1.5.0)
    hirb (0.7.3)
    memory_profiler (1.0.1)
    method_profiler (2.0.1)
      hirb (>= 0.6.0)
    rake (13.0.6)
    rspec (3.12.0)
      rspec-core (~> 3.12.0)
      rspec-expectations (~> 3.12.0)
      rspec-mocks (~> 3.12.0)
    rspec-core (3.12.2)
      rspec-support (~> 3.12.0)
    rspec-expectations (3.12.3)
      diff-lcs (>= 1.2.0, < 2.0)
      rspec-support (~> 3.12.0)
    rspec-mocks (3.12.5)
      diff-lcs (>= 1.2.0, < 2.0)
      rspec-support (~> 3.12.0)
    rspec-support (3.12.0)

PLATFORMS
  ruby

DEPENDENCIES
  benchmark-ips
  bundler
  memory_profiler
  method_profiler
  rake
  rspec
  terminal!

BUNDLED WITH
   2.1.4
