PATH
  remote: .
  specs:
    terminal (1.0.0)
      escape_utils (~> 1.0)
      gemoji (~> 2.1)

GEM
  remote: https://rubygems.org/
  specs:
    benchmark-ips (2.0.0)
    diff-lcs (1.2.5)
    escape_utils (1.0.1)
    gemoji (2.1.0)
    hirb (0.7.2)
    method_profiler (2.0.1)
      hirb (>= 0.6.0)
    rake (10.3.2)
    rspec (3.1.0)
      rspec-core (~> 3.1.0)
      rspec-expectations (~> 3.1.0)
      rspec-mocks (~> 3.1.0)
    rspec-core (3.1.7)
      rspec-support (~> 3.1.0)
    rspec-expectations (3.1.2)
      diff-lcs (>= 1.2.0, < 2.0)
      rspec-support (~> 3.1.0)
    rspec-mocks (3.1.3)
      rspec-support (~> 3.1.0)
    rspec-support (3.1.2)

PLATFORMS
  ruby

DEPENDENCIES
  benchmark-ips
  bundler (~> 1.6)
  method_profiler
  rake
  rspec
  terminal!
